PATH
  remote: .
  specs:
    book_review (0.1.0)
      dotenv
      httparty

GEM
  remote: https://rubygems.org/
  specs:
    coderay (1.1.2)
    dotenv (2.7.5)
    httparty (0.13.7)
      json (~> 1.8)
      multi_xml (>= 0.5.2)
    json (1.8.6)
    method_source (0.9.2)
    multi_xml (0.6.0)
    pry (0.12.2)
      coderay (~> 1.1.0)
      method_source (~> 0.9.0)
    rake (10.5.0)

PLATFORMS
  ruby

DEPENDENCIES
  book_review!
  bundler (~> 2.0)
  httparty (~> 0.13.7)
  pry
  rake (~> 10.0)

BUNDLED WITH
   2.0.1
